GEM
  remote: http://rubygems.org/
  specs:
    rb-fsevent (0.9.3)
    sass (3.2.8)

PLATFORMS
  ruby

DEPENDENCIES
  rb-fsevent (~> 0.9.1)
  sass
